GEM
  remote: https://rubygems.org/
  specs:
    cinch (2.3.1)
    cinch-identify (1.6.0)
      cinch (~> 2.0)

PLATFORMS
  ruby

DEPENDENCIES
  cinch
  cinch-identify
